GEM
  remote: https://rubygems.org/
  specs:
    backport (1.1.2)
    diff-lcs (1.4.4)
    readapt (1.1.0)
      backport (~> 1.1)
      thor (~> 1.0)
    rspec (3.9.0)
      rspec-core (~> 3.9.0)
      rspec-expectations (~> 3.9.0)
      rspec-mocks (~> 3.9.0)
    rspec-core (3.9.2)
      rspec-support (~> 3.9.3)
    rspec-expectations (3.9.2)
      diff-lcs (>= 1.2.0, < 2.0)
      rspec-support (~> 3.9.0)
    rspec-mocks (3.9.1)
      diff-lcs (>= 1.2.0, < 2.0)
      rspec-support (~> 3.9.0)
    rspec-support (3.9.3)
    thor (1.0.1)

PLATFORMS
  x86-mingw32

DEPENDENCIES
  readapt
  rspec
  rspec-core

BUNDLED WITH
   2.1.4
